GEM
  remote: https://rubygems.org/
  specs:
    awesome_print (1.9.2)
    coderay (1.1.3)
    diff-lcs (1.5.0)
    expgen (0.1.1)
      parslet
    filelock (1.1.1)
    find_a_port (1.0.1)
    json (2.6.2)
    method_source (1.0.0)
    pact (1.62.0)
      pact-mock_service (~> 3.0, >= 3.3.1)
      pact-support (~> 1.16, >= 1.16.9)
      rack-test (>= 0.6.3, < 2.0.0)
      rspec (~> 3.0)
      term-ansicolor (~> 1.0)
      thor (>= 0.20, < 2.0)
      webrick (~> 1.3)
    pact-message (0.11.1)
      pact-mock_service (~> 3.1)
      pact-support (~> 1.8)
      thor (>= 0.20, < 2.0)
    pact-mock_service (3.10.0)
      filelock (~> 1.1)
      find_a_port (~> 1.0.1)
      json
      pact-support (~> 1.16, >= 1.16.4)
      rack (~> 2.0)
      rspec (>= 2.14)
      term-ansicolor (~> 1.0)
      thor (>= 0.19, < 2.0)
      webrick (~> 1.3)
    pact-support (1.18.0)
      awesome_print (~> 1.9)
      diff-lcs (~> 1.4)
      expgen (~> 0.1)
      rainbow (~> 3.1.1)
    parslet (2.0.0)
    pry (0.14.1)
      coderay (~> 1.1)
      method_source (~> 1.0)
    rack (2.2.4)
    rack-test (1.1.0)
      rack (>= 1.0, < 3)
    rainbow (3.1.1)
    rake (13.0.6)
    rspec (3.11.0)
      rspec-core (~> 3.11.0)
      rspec-expectations (~> 3.11.0)
      rspec-mocks (~> 3.11.0)
    rspec-core (3.11.0)
      rspec-support (~> 3.11.0)
    rspec-expectations (3.11.0)
      diff-lcs (>= 1.2.0, < 2.0)
      rspec-support (~> 3.11.0)
    rspec-mocks (3.11.1)
      diff-lcs (>= 1.2.0, < 2.0)
      rspec-support (~> 3.11.0)
    rspec-support (3.11.0)
    sync (0.5.0)
    term-ansicolor (1.7.1)
      tins (~> 1.0)
    thor (1.2.1)
    tins (1.31.1)
      sync
    webrick (1.7.0)

PLATFORMS
  arm64-darwin-21
  x86_64-darwin-21

DEPENDENCIES
  pact
  pact-message
  pry
  rake
  rspec

BUNDLED WITH
   2.3.19
